GEM
  remote: http://rubygems.org/
  specs:
    archive-tar-minitar (0.5.2)
    biodiversity (0.7.3)
      json
      treetop
    biodiversity19 (0.7.3)
      treetop
    builder (3.0.0)
    columnize (0.3.3)
    cucumber (1.0.2)
      builder (>= 2.1.2)
      diff-lcs (>= 1.1.2)
      gherkin (~> 2.4.5)
      json (>= 1.4.6)
      term-ansicolor (>= 1.0.5)
    diff-lcs (1.1.2)
    gherkin (2.4.5)
      json (>= 1.4.6)
    git (1.2.5)
    jeweler (1.6.4)
      bundler (~> 1.0)
      git (>= 1.2.5)
      rake
    json (1.5.3)
    linecache19 (0.5.12)
      ruby_core_source (>= 0.1.4)
    polyglot (0.3.1)
    rake (0.9.2)
    rcov (0.9.9)
    rspec (2.3.0)
      rspec-core (~> 2.3.0)
      rspec-expectations (~> 2.3.0)
      rspec-mocks (~> 2.3.0)
    rspec-core (2.3.1)
    rspec-expectations (2.3.0)
      diff-lcs (~> 1.1.2)
    rspec-mocks (2.3.0)
    ruby-debug-base19 (0.11.25)
      columnize (>= 0.3.1)
      linecache19 (>= 0.5.11)
      ruby_core_source (>= 0.1.4)
    ruby-debug19 (0.11.6)
      columnize (>= 0.3.1)
      linecache19 (>= 0.5.11)
      ruby-debug-base19 (>= 0.11.19)
    ruby-stemmer (0.9.1)
    ruby_core_source (0.1.5)
      archive-tar-minitar (>= 0.5.2)
    sqlite3 (1.3.3)
    taxamatch_rb (0.7.6)
      biodiversity (~> 0.7.3)
      biodiversity19 (~> 0.7.3)
    term-ansicolor (1.0.5)
    treetop (1.4.9)
      polyglot (>= 0.3.1)

PLATFORMS
  ruby

DEPENDENCIES
  biodiversity19
  bundler (~> 1.0.0)
  cucumber
  jeweler (~> 1.6.0)
  rcov
  rspec (~> 2.3.0)
  ruby-debug19
  ruby-stemmer
  sqlite3
  taxamatch_rb
